GEM
  remote: http://rubygems.org/
  specs:
    activemodel (3.2.9)
      activesupport (= 3.2.9)
      builder (~> 3.0.0)
    activesupport (3.2.9)
      i18n (~> 0.6)
      multi_json (~> 1.0)
    addressable (2.3.2)
    bson (1.8.0)
      activesupport
    bson_ext (1.8.0)
      bson (~> 1.8.0)
    builder (3.0.4)
    business_time (0.6.1)
      activesupport (>= 3.1.0)
      tzinfo (~> 0.3.31)
    chronic (0.8.0)
    clbustos-rtf (0.4.2)
    coffee-script (2.2.0)
      coffee-script-source
      execjs
    coffee-script-source (1.4.0)
    daemons (1.1.9)
    dirty-memoize (0.0.4)
    em-websocket (0.3.8)
      addressable (>= 2.1.1)
      eventmachine (>= 0.12.9)
    eventmachine (1.0.0)
    execjs (1.4.0)
      multi_json (~> 1.0)
    extendmatrix (0.3.1)
    fastercsv (1.5.5)
    holidays (1.0.5)
    i18n (0.6.1)
    mail (2.5.2)
      i18n (>= 0.4.0)
      mime-types (~> 1.16)
      treetop (~> 1.4.8)
    mime-types (1.19)
    minimization (0.2.1)
      text-table (~> 1.2)
    mongo (1.8.0)
      bson (~> 1.8.0)
    mongo_mapper (0.12.0)
      activemodel (~> 3.0)
      activesupport (~> 3.0)
      plucky (~> 0.5.2)
    multi_json (1.4.0)
    plucky (0.5.2)
      mongo (~> 1.5)
    polyglot (0.3.3)
    pony (1.4)
      mail (> 2.0)
    prawn (0.8.4)
      prawn-core (>= 0.8.4, < 0.9)
      prawn-layout (>= 0.8.4, < 0.9)
      prawn-security (>= 0.8.4, < 0.9)
    prawn-core (0.8.4)
    prawn-layout (0.8.4)
    prawn-security (0.8.4)
    prawn-svg (0.9.1.11)
      prawn (>= 0.8.4)
    rack (1.4.1)
    rack-protection (1.2.0)
      rack
    redis (3.0.2)
    redis-namespace (1.2.1)
      redis (~> 3.0.0)
    reportbuilder (1.4.2)
      clbustos-rtf (~> 0.4.0)
      prawn (~> 0.8.4)
      prawn-svg (~> 0.9.1)
      text-table (~> 1.2)
    rserve-client (0.3.0)
    rserve-simpler (0.0.6)
      rserve-client (~> 0.3.0)
    ruby-ole (1.2.11.5)
    rufus-scheduler (2.0.17)
      tzinfo (>= 0.3.23)
    sinatra (1.3.3)
      rack (~> 1.3, >= 1.3.6)
      rack-protection (~> 1.2)
      tilt (~> 1.3, >= 1.3.3)
    sinatra-websocket (0.2.0)
      em-websocket (>= 0.3.6)
      eventmachine
      thin (>= 1.3.1)
    spreadsheet (0.6.9)
      ruby-ole (>= 1.0)
    statsample (0.15.1)
      dirty-memoize (~> 0.0)
      extendmatrix (~> 0.3.1)
      fastercsv
      minimization (~> 0.2.0)
      reportbuilder (~> 1.0)
      spreadsheet (~> 0.6.0)
      statsample-bivariate-extension (~> 0.13.0)
      svg-graph (~> 1.0)
    statsample-bivariate-extension (0.13.4)
    svg-graph (1.0.5)
    text-table (1.2.2)
    thin (1.5.0)
      daemons (>= 1.0.9)
      eventmachine (>= 0.12.6)
      rack (>= 1.0.0)
    tilt (1.3.3)
    treetop (1.4.12)
      polyglot
      polyglot (>= 0.3.1)
    tzinfo (0.3.35)
    whenever (0.8.0)
      activesupport (>= 2.3.4)
      chronic (>= 0.6.3)

PLATFORMS
  ruby

DEPENDENCIES
  bson_ext
  business_time
  chronic
  coffee-script
  holidays
  mongo_mapper
  pony
  redis
  redis-namespace
  rserve-client (~> 0.3)
  rserve-simpler
  rufus-scheduler
  sinatra
  sinatra-websocket
  statsample
  whenever
